GEM
  remote: https://rubygems.org/
  specs:
    flog (4.6.2)
      path_expander (~> 1.0)
      ruby_parser (~> 3.1, > 3.1.0)
      sexp_processor (~> 4.8)
    path_expander (1.0.3)
    ruby_parser (3.11.0)
      sexp_processor (~> 4.9)
    sexp_processor (4.11.0)

PLATFORMS
  ruby

DEPENDENCIES
  flog

BUNDLED WITH
   2.1.4
